GEM
  remote: https://rubygems.org/
  specs:
    addressable (2.3.5)
    faraday (0.8.9)
      multipart-post (~> 1.2.0)
    koala (1.6.0)
      addressable (~> 2.2)
      faraday (~> 0.8)
      multi_json (~> 1.3)
    multi_json (1.8.4)
    multipart-post (1.2.0)

PLATFORMS
  ruby

DEPENDENCIES
  koala
